GEM
  remote: https://rubygems.org/
  specs:
    rubyzip (1.2.2)
    safe_yaml (1.0.5)
    twine (1.0.5)
      rubyzip (~> 1.1)
      safe_yaml (~> 1.0)

PLATFORMS
  ruby

DEPENDENCIES
  twine

BUNDLED WITH
   2.0.1
